GEM
  remote: http://rubygems.org/
  specs:
    closure-compiler (1.1.6)
    coffee-script (2.2.0)
      coffee-script-source
      execjs
    coffee-script-source (1.3.3)
    execjs (1.4.0)
      multi_json (~> 1.0)
    ffi (1.0.11)
    guard (1.0.2)
      ffi (>= 0.5.0)
      thor (~> 0.14.6)
    guard-coffeescript (0.6.0)
      coffee-script (>= 2.2.0)
      guard (>= 0.8.3)
    multi_json (1.3.6)
    thor (0.14.6)

PLATFORMS
  ruby

DEPENDENCIES
  closure-compiler
  coffee-script
  guard
  guard-coffeescript
